GEM
  remote: http://rubygems.org/
  specs:
    activesupport (3.2.3)
      i18n (~> 0.6)
      multi_json (~> 1.0)
    crack (0.1.8)
    diff-lcs (1.1.3)
    geo_calc (0.7.6)
      activesupport (>= 3.0.1)
      geo_units (~> 0.2.1)
      i18n
      require_all (~> 1.2.0)
      sugar-high (~> 0.4.6.3)
    geo_units (0.2.4.1)
      sugar-high (~> 0.4.6.2)
    git (1.2.5)
    httparty (0.6.1)
      crack (= 0.1.8)
    i18n (0.6.0)
    jeweler (1.8.3)
      bundler (~> 1.0)
      git (>= 1.2.5)
      rake
      rdoc
    json (1.6.6)
    multi_json (1.2.0)
    rake (0.9.2.2)
    rdoc (3.12)
      json (~> 1.4)
    require_all (1.2.1)
    rspec (2.9.0)
      rspec-core (~> 2.9.0)
      rspec-expectations (~> 2.9.0)
      rspec-mocks (~> 2.9.0)
    rspec-core (2.9.0)
    rspec-expectations (2.9.0)
      diff-lcs (~> 1.1.3)
    rspec-mocks (2.9.0)
    simplecov (0.6.1)
      multi_json (~> 1.0)
      simplecov-html (~> 0.5.3)
    simplecov-html (0.5.3)
    sugar-high (0.4.6.4)

PLATFORMS
  ruby

DEPENDENCIES
  bundler (>= 1.1.0)
  geo_calc (>= 0.1.0)
  httparty (>= 0.6.0)
  jeweler (>= 1.6.2)
  rspec (>= 2.8.0)
  simplecov (>= 0.5)
